GEM
  remote: https://rubygems.org/
  specs:
    cinch (2.3.1)
    gitio (0.0.2)
      thor
    json (1.8.3)
    rack (1.6.4)
    rack-protection (1.5.3)
      rack
    sinatra (1.4.7)
      rack (~> 1.5)
      rack-protection (~> 1.4)
      tilt (>= 1.3, < 3)
    thor (0.19.1)
    tilt (2.0.2)

PLATFORMS
  ruby

DEPENDENCIES
  cinch
  gitio
  json
  sinatra

BUNDLED WITH
   1.11.2
