GEM
  remote: https://rubygems.org/
  specs:
    cinch (2.3.1)
    json (1.8.3)
    rack (1.6.4)
    rack-protection (1.5.3)
      rack
    redis (3.3.0)
    sinatra (1.4.7)
      rack (~> 1.5)
      rack-protection (~> 1.4)
      tilt (>= 1.3, < 3)
    tilt (2.0.2)

PLATFORMS
  ruby

DEPENDENCIES
  cinch
  json
  redis
  sinatra

BUNDLED WITH
   1.11.2
